GIT
  remote: git://github.com/tchandy/octopus.git
  revision: eb8cfcd
  specs:
    ar-octopus (0.0.22)
      activerecord (>= 3.0.0beta)
    ar-octopus (0.0.22)
      activerecord (>= 3.0.0beta)

GEM
  remote: http://rubygems.org/
  specs:
    abstract (1.0.0)
    abstract (1.0.0)
    actionmailer (3.0.0.beta4)
      actionpack (= 3.0.0.beta4)
      mail (~> 2.2.3)
    actionmailer (3.0.0.beta4)
      actionpack (= 3.0.0.beta4)
      mail (~> 2.2.3)
    actionpack (3.0.0.beta4)
      activemodel (= 3.0.0.beta4)
      activesupport (= 3.0.0.beta4)
      builder (~> 2.1.2)
      erubis (~> 2.6.5)
      i18n (~> 0.4.1)
      rack (~> 1.1.0)
      rack-mount (~> 0.6.3)
      rack-test (~> 0.5.4)
      tzinfo (~> 0.3.16)
    actionpack (3.0.0.beta4)
      activemodel (= 3.0.0.beta4)
      activesupport (= 3.0.0.beta4)
      builder (~> 2.1.2)
      erubis (~> 2.6.5)
      i18n (~> 0.4.1)
      rack (~> 1.1.0)
      rack-mount (~> 0.6.3)
      rack-test (~> 0.5.4)
      tzinfo (~> 0.3.16)
    activemodel (3.0.0.beta4)
      activesupport (= 3.0.0.beta4)
      builder (~> 2.1.2)
      i18n (~> 0.4.1)
    activemodel (3.0.0.beta4)
      activesupport (= 3.0.0.beta4)
      builder (~> 2.1.2)
      i18n (~> 0.4.1)
    activerecord (3.0.0.beta4)
      activemodel (= 3.0.0.beta4)
      activesupport (= 3.0.0.beta4)
      arel (~> 0.4.0)
      tzinfo (~> 0.3.16)
    activerecord (3.0.0.beta4)
      activemodel (= 3.0.0.beta4)
      activesupport (= 3.0.0.beta4)
      arel (~> 0.4.0)
      tzinfo (~> 0.3.16)
    activeresource (3.0.0.beta4)
      activemodel (= 3.0.0.beta4)
      activesupport (= 3.0.0.beta4)
    activeresource (3.0.0.beta4)
      activemodel (= 3.0.0.beta4)
      activesupport (= 3.0.0.beta4)
    activesupport (3.0.0.beta4)
    activesupport (3.0.0.beta4)
    arel (0.4.0)
      activesupport (>= 3.0.0.beta)
    arel (0.4.0)
      activesupport (>= 3.0.0.beta)
    builder (2.1.2)
    builder (2.1.2)
    capybara (0.3.9)
      culerity (>= 0.2.4)
      mime-types (>= 1.16)
      nokogiri (>= 1.3.3)
      rack (>= 1.0.0)
      rack-test (>= 0.5.4)
      selenium-webdriver (>= 0.0.3)
    capybara (0.3.9)
      culerity (>= 0.2.4)
      mime-types (>= 1.16)
      nokogiri (>= 1.3.3)
      rack (>= 1.0.0)
      rack-test (>= 0.5.4)
      selenium-webdriver (>= 0.0.3)
    columnize (0.3.1)
    columnize (0.3.1)
    configuration (1.1.0)
    configuration (1.1.0)
    cucumber (0.8.3)
      builder (~> 2.1.2)
      diff-lcs (~> 1.1.2)
      gherkin (~> 2.0.2)
      json_pure (~> 1.4.3)
      term-ansicolor (~> 1.0.4)
    cucumber (0.8.3)
      builder (~> 2.1.2)
      diff-lcs (~> 1.1.2)
      gherkin (~> 2.0.2)
      json_pure (~> 1.4.3)
      term-ansicolor (~> 1.0.4)
    cucumber-rails (0.3.2)
      cucumber (>= 0.8.0)
    cucumber-rails (0.3.2)
      cucumber (>= 0.8.0)
    culerity (0.2.10)
    culerity (0.2.10)
    database_cleaner (0.5.2)
    database_cleaner (0.5.2)
    diff-lcs (1.1.2)
    diff-lcs (1.1.2)
    erubis (2.6.6)
      abstract (>= 1.0.0)
    erubis (2.6.6)
      abstract (>= 1.0.0)
    ffi (0.6.3)
      rake (>= 0.8.7)
    ffi (0.6.3)
      rake (>= 0.8.7)
    gherkin (2.0.2)
      trollop (~> 1.16.2)
    gherkin (2.0.2)
      trollop (~> 1.16.2)
    i18n (0.4.1)
    i18n (0.4.1)
    json_pure (1.4.3)
    json_pure (1.4.3)
    launchy (0.3.5)
      configuration (>= 0.0.5)
      rake (>= 0.8.1)
    launchy (0.3.5)
      configuration (>= 0.0.5)
      rake (>= 0.8.1)
    linecache (0.43)
    linecache (0.43)
    mail (2.2.5)
      activesupport (>= 2.3.6)
      mime-types
      treetop (>= 1.4.5)
    mail (2.2.5)
      activesupport (>= 2.3.6)
      mime-types
      treetop (>= 1.4.5)
    mime-types (1.16)
    mime-types (1.16)
    mysql (2.8.1)
    mysql (2.8.1)
    nokogiri (1.4.2)
    nokogiri (1.4.2)
    polyglot (0.3.1)
    polyglot (0.3.1)
    rack (1.1.0)
    rack (1.1.0)
    rack-mount (0.6.7)
      rack
    rack-mount (0.6.7)
      rack
    rack-test (0.5.4)
      rack (>= 1.0)
    rack-test (0.5.4)
      rack (>= 1.0)
    rails (3.0.0.beta4)
      actionmailer (= 3.0.0.beta4)
      actionpack (= 3.0.0.beta4)
      activerecord (= 3.0.0.beta4)
      activeresource (= 3.0.0.beta4)
      activesupport (= 3.0.0.beta4)
      bundler (>= 0.9.26)
      railties (= 3.0.0.beta4)
    rails (3.0.0.beta4)
      actionmailer (= 3.0.0.beta4)
      actionpack (= 3.0.0.beta4)
      activerecord (= 3.0.0.beta4)
      activeresource (= 3.0.0.beta4)
      activesupport (= 3.0.0.beta4)
      bundler (>= 0.9.26)
      railties (= 3.0.0.beta4)
    railties (3.0.0.beta4)
      actionpack (= 3.0.0.beta4)
      activesupport (= 3.0.0.beta4)
      rake (>= 0.8.3)
      thor (~> 0.13.6)
    railties (3.0.0.beta4)
      actionpack (= 3.0.0.beta4)
      activesupport (= 3.0.0.beta4)
      rake (>= 0.8.3)
      thor (~> 0.13.6)
    rake (0.8.7)
    rake (0.8.7)
    rspec (2.0.0.beta.17)
      rspec-core (= 2.0.0.beta.17)
      rspec-expectations (= 2.0.0.beta.17)
      rspec-mocks (= 2.0.0.beta.17)
    rspec (2.0.0.beta.17)
      rspec-core (= 2.0.0.beta.17)
      rspec-expectations (= 2.0.0.beta.17)
      rspec-mocks (= 2.0.0.beta.17)
    rspec-core (2.0.0.beta.17)
    rspec-core (2.0.0.beta.17)
    rspec-expectations (2.0.0.beta.17)
      diff-lcs (>= 1.1.2)
    rspec-expectations (2.0.0.beta.17)
      diff-lcs (>= 1.1.2)
    rspec-mocks (2.0.0.beta.17)
    rspec-mocks (2.0.0.beta.17)
    rspec-rails (2.0.0.beta.17)
      rspec (>= 2.0.0.beta.14)
      webrat (>= 0.7.0)
    rspec-rails (2.0.0.beta.17)
      rspec (>= 2.0.0.beta.14)
      webrat (>= 0.7.0)
    ruby-debug (0.10.3)
      columnize (>= 0.1)
      ruby-debug-base (~> 0.10.3.0)
    ruby-debug (0.10.3)
      columnize (>= 0.1)
      ruby-debug-base (~> 0.10.3.0)
    ruby-debug-base (0.10.3)
      linecache (>= 0.3)
    ruby-debug-base (0.10.3)
      linecache (>= 0.3)
    selenium-webdriver (0.0.24)
      ffi (>= 0.6.1)
      json_pure
    selenium-webdriver (0.0.24)
      ffi (>= 0.6.1)
      json_pure
    spork (0.8.4)
    spork (0.8.4)
    term-ansicolor (1.0.5)
    term-ansicolor (1.0.5)
    thor (0.13.7)
    thor (0.13.7)
    treetop (1.4.8)
      polyglot (>= 0.3.1)
    treetop (1.4.8)
      polyglot (>= 0.3.1)
    trollop (1.16.2)
    trollop (1.16.2)
    tzinfo (0.3.22)
    tzinfo (0.3.22)
    webrat (0.7.1)
      nokogiri (>= 1.2.0)
      rack (>= 1.0)
      rack-test (>= 0.5.3)
    webrat (0.7.1)
      nokogiri (>= 1.2.0)
      rack (>= 1.0)
      rack-test (>= 0.5.3)

PLATFORMS
  ruby

DEPENDENCIES
  ar-octopus!
  capybara
  cucumber
  cucumber-rails
  database_cleaner
  launchy
  mysql (= 2.8.1)
  rails (= 3.0.0.beta4)
  rspec-rails (>= 2.0.0.beta)
  ruby-debug
  spork
